GEM
  remote: http://rubygems.org/
  specs:
    haml (3.1.3)
    rainpress (1.0)

PLATFORMS
  ruby

DEPENDENCIES
  haml
  rainpress
