GEM
  remote: http://rubygems.org/
  specs:
    adsf (1.1.1)
      rack (>= 1.0.0)
    bluecloth (2.2.0)
    builder (3.0.0)
    chunky_png (1.2.5)
    compass (0.12.1)
      chunky_png (~> 1.2)
      fssm (>= 0.2.7)
      sass (~> 3.1)
    cri (2.2.1)
    fssm (0.2.8.1)
    haml (3.1.4)
    kramdown (0.13.5)
    mime-types (1.18)
    rack (1.4.1)
    rainpress (1.0)
    sass (3.1.15)

PLATFORMS
  ruby

DEPENDENCIES
  adsf
  bluecloth
  builder
  compass
  cri
  haml
  kramdown
  mime-types
  rainpress
