GEM
  remote: http://rubygems.org/
  specs:
    adsf (1.0.1)
      rack (>= 1.0.0)
    builder (3.0.0)
    haml (3.1.3)
    kramdown (0.13.3)
    mime-types (1.17.2)
    rack (1.3.5)
    rainpress (1.0)

PLATFORMS
  ruby

DEPENDENCIES
  adsf
  builder
  haml
  kramdown
  mime-types
  rainpress
